GEM
  remote: https://rubygems.org/
  specs:
    addressable (2.8.0)
      public_suffix (>= 2.0.2, < 5.0)
    deb_version (1.0.2)
    json-schema (2.8.1)
      addressable (>= 2.4)
    pastel (0.8.0)
      tty-color (~> 0.5)
    public_suffix (4.0.6)
    semver_dialects (2.0.2)
      deb_version (~> 1.0.1)
      pastel (~> 0.8.0)
      thor (~> 1.3)
      tty-command (~> 0.10.1)
    thor (1.3.1)
    tty-color (0.6.0)
    tty-command (0.10.1)
      pastel (~> 0.8)

PLATFORMS
  x86_64-darwin-20
  x86_64-darwin-21

DEPENDENCIES
  json-schema
  semver_dialects (= 2.0.2)

BUNDLED WITH
   2.2.22
