GEM
  remote: https://rubygems.org/
  specs:
    yaml (0.1.0)

PLATFORMS
  ruby

DEPENDENCIES
  yaml

BUNDLED WITH
   2.1.4
