GEM
  remote: https://rubygems.org/
  specs:
    OptionParser (0.5.1)

PLATFORMS
  x86_64-darwin-20
  x86_64-darwin-21

DEPENDENCIES
  OptionParser

BUNDLED WITH
   2.2.22
